GIT
  remote: git://github.com/ajduncan/rerun.git
  revision: dc017bee9bdbdb37e2e975035e9121f60446eee8
  specs:
    rerun (0.10.0)
      listen (~> 3.0)

GEM
  remote: https://rubygems.org/
  specs:
    activesupport (5.2.4.3)
      concurrent-ruby (~> 1.0, >= 1.0.2)
      i18n (>= 0.7, < 2)
      minitest (~> 5.1)
      tzinfo (~> 1.1)
    bcrypt (3.1.10)
    concurrent-ruby (1.1.6)
    diff-lcs (1.2.5)
    dotenv (2.0.2)
    em-pg-client (0.3.4)
      eventmachine (~> 1.0.0)
      pg (>= 0.17.0)
    em-pg-sequel (0.0.4)
      em-pg-client (>= 0.3.0)
      sequel
    em-synchrony (1.0.4)
      eventmachine (>= 1.0.0.beta.1)
    eventmachine (1.0.8)
    factory_girl (4.9.0)
      activesupport (>= 3.0.0)
    ffi (1.9.10)
    fuubar (2.0.0)
      rspec (~> 3.0)
      ruby-progressbar (~> 1.4)
    i18n (1.8.2)
      concurrent-ruby (~> 1.0)
    listen (3.0.3)
      rb-fsevent (>= 0.9.3)
      rb-inotify (>= 0.9)
    minitest (5.14.1)
    pg (0.18.2)
    rainbow (2.0.0)
    rake (10.4.2)
    rb-fsevent (0.9.5)
    rb-inotify (0.9.5)
      ffi (>= 0.5.0)
    rspec (3.3.0)
      rspec-core (~> 3.3.0)
      rspec-expectations (~> 3.3.0)
      rspec-mocks (~> 3.3.0)
    rspec-core (3.3.2)
      rspec-support (~> 3.3.0)
    rspec-expectations (3.3.1)
      diff-lcs (>= 1.2.0, < 2.0)
      rspec-support (~> 3.3.0)
    rspec-mocks (3.3.2)
      diff-lcs (>= 1.2.0, < 2.0)
      rspec-support (~> 3.3.0)
    rspec-support (3.3.0)
    ruby-progressbar (1.7.5)
    sequel (4.25.0)
    sqlite3 (1.3.10)
    thread_safe (0.3.6)
    tzinfo (1.2.7)
      thread_safe (~> 0.1)

PLATFORMS
  ruby

DEPENDENCIES
  bcrypt
  dotenv
  em-pg-sequel
  em-synchrony
  eventmachine
  factory_girl (>= 4.5.0)
  fuubar
  pg
  rainbow
  rake
  rerun!
  rspec
  sequel
  sqlite3

BUNDLED WITH
   1.17.3
